PATH
  remote: .
  specs:
    MonkeyEngine (2.0.2)
      LittleWeasel (~> 5.0, >= 5.0.3)
      ProtectedConstructor (~> 2.0, >= 2.0.3)

GEM
  remote: https://rubygems.org/
  specs:
    LittleWeasel (5.0.7)
      activesupport (~> 7.0.8)
    ProtectedConstructor (2.1.5)
    activesupport (7.0.8)
      concurrent-ruby (~> 1.0, >= 1.0.2)
      i18n (>= 1.6, < 2)
      minitest (>= 5.1)
      tzinfo (~> 2.0)
    byebug (11.1.3)
    coderay (1.1.3)
    colorize (0.8.1)
    concurrent-ruby (1.2.2)
    diff-lcs (1.5.0)
    i18n (1.14.1)
      concurrent-ruby (~> 1.0)
    method_source (1.0.0)
    minitest (5.20.0)
    pry (0.14.2)
      coderay (~> 1.1)
      method_source (~> 1.0)
    pry-byebug (3.10.1)
      byebug (~> 11.0)
      pry (>= 0.13, < 0.15)
    rake (13.1.0)
    redcarpet (2.3.0)
    rspec (3.12.0)
      rspec-core (~> 3.12.0)
      rspec-expectations (~> 3.12.0)
      rspec-mocks (~> 3.12.0)
    rspec-core (3.12.2)
      rspec-support (~> 3.12.0)
    rspec-expectations (3.12.3)
      diff-lcs (>= 1.2.0, < 2.0)
      rspec-support (~> 3.12.0)
    rspec-mocks (3.12.6)
      diff-lcs (>= 1.2.0, < 2.0)
      rspec-support (~> 3.12.0)
    rspec-support (3.12.1)
    tzinfo (2.0.6)
      concurrent-ruby (~> 1.0)
    yard (0.9.34)

PLATFORMS
  x86_64-darwin-19
  x86_64-darwin-21

DEPENDENCIES
  MonkeyEngine!
  bundler (~> 2.4, >= 2.4.21)
  colorize (~> 0.8.1)
  pry-byebug (~> 3.9)
  rake (~> 13.0, >= 13.0.6)
  redcarpet (~> 2.3, >= 2.3.0)
  rspec (~> 3.10)
  yard (~> 0.9.28)

BUNDLED WITH
   2.4.21
