PATH
  remote: .
  specs:
    MonkeyEngine (2.0.4)
      LittleWeasel (>= 5.0, < 6.0)
      ProtectedConstructor (~> 3.0)

GEM
  remote: https://rubygems.org/
  specs:
    LittleWeasel (5.0.9)
      activesupport (>= 7.0.8, < 8.0)
    ProtectedConstructor (3.0.0)
    activesupport (7.1.2)
      base64
      bigdecimal
      concurrent-ruby (~> 1.0, >= 1.0.2)
      connection_pool (>= 2.2.5)
      drb
      i18n (>= 1.6, < 2)
      minitest (>= 5.1)
      mutex_m
      tzinfo (~> 2.0)
    base64 (0.2.0)
    bigdecimal (3.1.5)
    byebug (11.1.3)
    coderay (1.1.3)
    colorize (0.8.1)
    concurrent-ruby (1.2.2)
    connection_pool (2.4.1)
    diff-lcs (1.5.0)
    drb (2.2.0)
      ruby2_keywords
    i18n (1.14.1)
      concurrent-ruby (~> 1.0)
    method_source (1.0.0)
    minitest (5.20.0)
    mutex_m (0.2.0)
    pry (0.14.2)
      coderay (~> 1.1)
      method_source (~> 1.0)
    pry-byebug (3.10.1)
      byebug (~> 11.0)
      pry (>= 0.13, < 0.15)
    rake (13.1.0)
    redcarpet (2.3.0)
    rspec (3.12.0)
      rspec-core (~> 3.12.0)
      rspec-expectations (~> 3.12.0)
      rspec-mocks (~> 3.12.0)
    rspec-core (3.12.2)
      rspec-support (~> 3.12.0)
    rspec-expectations (3.12.3)
      diff-lcs (>= 1.2.0, < 2.0)
      rspec-support (~> 3.12.0)
    rspec-mocks (3.12.6)
      diff-lcs (>= 1.2.0, < 2.0)
      rspec-support (~> 3.12.0)
    rspec-support (3.12.1)
    ruby2_keywords (0.0.5)
    tzinfo (2.0.6)
      concurrent-ruby (~> 1.0)
    yard (0.9.34)

PLATFORMS
  x86_64-darwin-19
  x86_64-darwin-21
  x86_64-linux

DEPENDENCIES
  MonkeyEngine!
  bundler (~> 2.5, >= 2.5.3)
  colorize (>= 0.8.1, < 1.0)
  pry-byebug (>= 3.9, < 4.0)
  rake (>= 13.0, < 14.0)
  redcarpet (>= 2.3, < 3.0)
  rspec (>= 3.10, < 4.0)
  yard (>= 0.9.28, < 1.0)

BUNDLED WITH
   2.5.3
